PATH
  remote: .
  specs:
    rubydown (0.1.0)
      charty (~> 0.2.0)
      daru (~> 0.2)
      kramdown (~> 2.1)
      listen (~> 3.0)
      matplotlib (~> 1.0.0)
      numo-gnuplot (~> 0.2.4)
      numo-narray (~> 0.9.1)
      rbplotly (~> 0.1.2)

GEM
  remote: https://rubygems.org/
  specs:
    addressable (2.7.0)
      public_suffix (>= 2.0.2, < 5.0)
    backports (3.21.0)
    charty (0.2.3)
      red-colors
      red-palette (>= 0.2.0)
    daru (0.3)
      packable (~> 1.3.13)
    faraday (0.17.4)
      multipart-post (>= 1.2, < 3)
    ffi (1.15.0)
    kramdown (2.3.1)
      rexml
    launchy (2.5.0)
      addressable (~> 2.7)
    listen (3.5.1)
      rb-fsevent (~> 0.10, >= 0.10.3)
      rb-inotify (~> 0.9, >= 0.9.10)
    matplotlib (1.0.0)
      pycall (>= 1.0.0)
    multipart-post (2.1.1)
    numo-gnuplot (0.2.4)
    numo-narray (0.9.1.9)
    packable (1.3.14)
      backports
    power_assert (1.1.3)
    public_suffix (4.0.6)
    pycall (1.3.1)
    rake (13.0.1)
    rb-fsevent (0.10.4)
    rb-inotify (0.10.1)
      ffi (~> 1.0)
    rbplotly (0.1.2)
      faraday (~> 0.9)
      launchy (~> 2.4)
      uuidtools (~> 2.1)
    red-colors (0.1.1)
    red-palette (0.2.0)
      red-colors
    rexml (3.2.5)
    test-unit (3.2.9)
      power_assert
    uuidtools (2.2.0)

PLATFORMS
  ruby

DEPENDENCIES
  bundler (~> 1.17)
  rake (~> 13.0)
  rubydown!
  test-unit (~> 3.2)

BUNDLED WITH
   1.17.3
